GEM
  specs:
    hoe (2.9.1)
      rake (>= 0.8.7)
    rake (0.8.7)
    test-unit (2.2.0)

PLATFORMS
  ruby

DEPENDENCIES
  bundler
  hoe
  test-unit
